GIT
  remote: git://github.com/bradphelan/jasminerice.git
  revision: 091349c27343bfa728b8e5745675f9ddbb7d9699
  specs:
    jasminerice (0.1.0)
      coffee-rails

GIT
  remote: git://github.com/doublewide/data-migrate.git
  revision: 972cedae91e035578b0141b1ac28c2730b07fcdc
  specs:
    data_migrate (1.2.0)
      rails (>= 3.0.0, < 3.3)

GIT
  remote: git://github.com/jejacks0n/navigasmic.git
  revision: f22e4bdde6462e5311b41ac985e4493c5ef471d4
  ref: f22e4bdde6462e5311b41ac985e4493c5ef471d4
  specs:
    navigasmic (1.0.5)

GIT
  remote: git://github.com/resque/resque.git
  revision: 7c20cc5972cba44aca0878580ef284bb75246b67
  ref: 7c20cc5972cba44aca0878580ef284bb75246b67
  specs:
    resque (2.0.0.pre.1)
      json
      mono_logger (~> 1.0)
      redis-namespace (~> 1.0)
      thor (~> 0.17)

GIT
  remote: git://github.com/rweng/jquery-datatables-rails.git
  revision: 44b0448193d4856847e47fb2a245bdd51a4bb2fa
  specs:
    jquery-datatables-rails (1.12.2)
      jquery-rails

GIT
  remote: git://github.com/sporkrb/spork-rails.git
  revision: 0dd45e59d3237b4c8f9efc215b46d9c07072a95e
  specs:
    spork-rails (4.0.0)
      rails (>= 3.0.0, < 5)
      spork (>= 1.0rc0)

GIT
  remote: https://github.com/echannel/settingcrazy.git
  revision: b1653b52a24708914e36ae07100d16189cfa93f2
  specs:
    settingcrazy (0.1.11)

GEM
  remote: http://rubygems.org/
  remote: http://gems.gemfury.com/fHtphqCq9zLeDRvssKD4/
  specs:
    actionmailer (3.2.17)
      actionpack (= 3.2.17)
      mail (~> 2.5.4)
    actionpack (3.2.17)
      activemodel (= 3.2.17)
      activesupport (= 3.2.17)
      builder (~> 3.0.0)
      erubis (~> 2.7.0)
      journey (~> 1.0.4)
      rack (~> 1.4.5)
      rack-cache (~> 1.2)
      rack-test (~> 0.6.1)
      sprockets (~> 2.2.1)
    active_model_serializers (0.8.1)
      activemodel (>= 3.0)
    activemodel (3.2.17)
      activesupport (= 3.2.17)
      builder (~> 3.0.0)
    activerecord (3.2.17)
      activemodel (= 3.2.17)
      activesupport (= 3.2.17)
      arel (~> 3.0.2)
      tzinfo (~> 0.3.29)
    activerecord-import (0.3.1)
      activerecord (~> 3.0)
      activerecord (~> 3.0)
    activeresource (3.2.17)
      activemodel (= 3.2.17)
      activesupport (= 3.2.17)
    activesupport (3.2.17)
      i18n (~> 0.6, >= 0.6.4)
      multi_json (~> 1.0)
    acts_as_list (0.3.0)
      activerecord (>= 3.0)
    addressable (2.3.5)
    akami (1.2.1)
      gyoku (>= 0.4.0)
      nokogiri
    ancestry (1.3.0)
      activerecord (>= 2.3.14)
    app (1.0.3)
    arel (3.0.3)
    asset_sync (0.5.4)
      activemodel
      fog
    awesome_print (1.1.0)
    aws-s3 (0.6.3)
      builder
      mime-types
      xml-simple
    aws-ses (0.4.4)
      builder
      mail (> 2.2.5)
      mime-types
      xml-simple
    backports (3.3.3)
    bcrypt-ruby (3.1.1)
    better_errors (1.0.1)
      coderay (>= 1.0.0)
      erubis (>= 2.6.6)
    binding_of_caller (0.7.2)
      debug_inspector (>= 0.0.1)
    browser (0.1.5)
    builder (3.0.4)
    cabinet (0.2.2)
      fog (~> 1.1.1)
    callsite (0.0.11)
    cancan (1.6.10)
    capybara (1.1.4)
      mime-types (>= 1.16)
      nokogiri (>= 1.3.3)
      rack (>= 1.0.0)
      rack-test (>= 0.5.4)
      selenium-webdriver (~> 2.0)
      xpath (~> 0.1.4)
    capybara-firebug (1.3.0)
      capybara (>= 1.0, < 3.0)
    capybara-webkit (0.12.1)
      capybara (>= 1.0.0, < 1.2)
      json
    childprocess (0.3.9)
      ffi (~> 1.0, >= 1.0.11)
    codeclimate-test-reporter (0.3.0)
      simplecov (>= 0.7.1, < 1.0.0)
    coderay (1.0.9)
    coffee-rails (3.2.2)
      coffee-script (>= 2.2.0)
      railties (~> 3.2.0)
    coffee-script (2.2.0)
      coffee-script-source
      execjs
    coffee-script-source (1.4.0)
    crack (0.4.1)
      safe_yaml (~> 0.9.0)
    daemons (1.1.9)
    database_cleaner (0.9.1)
    debug_inspector (0.0.2)
    descendants_tracker (0.0.1)
    devise (2.2.6)
      bcrypt-ruby (~> 3.0)
      orm_adapter (~> 0.1)
      railties (~> 3.1)
      warden (~> 1.2.1)
    devise_invitable (1.1.8)
      actionmailer (~> 3.0)
      devise (>= 2.1.2)
      railties (~> 3.0)
    diff-lcs (1.1.3)
    docile (1.1.3)
    dotiw (1.1.1)
      actionpack (~> 3)
    draper (1.3.0)
      actionpack (>= 3.0)
      activemodel (>= 3.0)
      activesupport (>= 3.0)
      request_store (~> 1.0.3)
    em-websocket (0.4.0)
      eventmachine (>= 0.12.9)
      http_parser.rb (~> 0.5.3)
    erubis (2.7.0)
    eventmachine (1.0.0)
    excon (0.7.4)
    execjs (1.4.0)
      multi_json (~> 1.0)
    ey-provisioner (1.0.2)
      activemodel (>= 3.2)
      excon (>= 0.6)
      json
    ey_config (0.0.6)
    factory_girl (4.2.0)
      activesupport (>= 3.0.0)
    factory_girl_rails (4.2.1)
      factory_girl (~> 4.2.0)
      railties (>= 3.0.0)
    faraday (0.9.0)
      multipart-post (>= 1.2, < 3)
    faye-websocket (0.4.6)
      eventmachine (>= 0.12.0)
    feed_proxy_client (0.1.0)
      activesupport
      app
      httparty
      json
    ffi (1.9.3)
    fog (1.1.1)
      builder
      excon
      formatador (>= 0.1.3)
      json
      mime-types
      net-ssh (>= 2.1.3)
      nokogiri (>= 1.4.4)
      ruby-hmac
    forgery (0.5.0)
    formatador (0.2.4)
    google-ads-common (0.9.5)
      httpi (~> 1.1.0)
      savon (~> 1.2.0)
      signet (~> 0.5.0)
    google-adwords-api (0.11.1)
      google-ads-common (~> 0.9.3)
    grape (0.5.0)
      activesupport
      builder
      hashie (>= 1.2.0)
      multi_json (>= 1.3.2)
      multi_xml (>= 0.5.2)
      rack (>= 1.3.0)
      rack-accept
      rack-mount
      virtus
    grape-entity (0.3.0)
      activesupport
      multi_json (>= 1.3.2)
    grape-entity-matchers (0.0.3)
      grape-entity (>= 0.2.0)
      rspec (~> 2.9)
    gravtastic (3.2.6)
    guard (1.6.2)
      listen (>= 0.6.0)
      lumberjack (>= 1.0.2)
      pry (>= 0.9.10)
      terminal-table (>= 1.4.3)
      thor (>= 0.14.6)
    guard-jasmine (1.18.2)
      childprocess
      guard (>= 1.1.0)
      multi_json
      thor
      tilt
    guard-livereload (1.1.3)
      em-websocket (>= 0.2.0)
      guard (>= 1.5.0)
      multi_json (~> 1.0)
    guard-rspec (2.5.4)
      guard (>= 1.1)
      rspec (~> 2.11)
    guard-spork (1.5.1)
      childprocess (>= 0.2.3)
      guard (>= 1.1)
      spork (>= 0.8.4)
    gyoku (0.4.6)
      builder (>= 2.1.2)
    haml (3.1.7)
    haml-rails (0.4)
      actionpack (>= 3.1, < 4.1)
      activesupport (>= 3.1, < 4.1)
      haml (>= 3.1, < 4.1)
      railties (>= 3.1, < 4.1)
    hamlbars (2.0.1)
      execjs (>= 1.2)
      haml
      sprockets
      tilt
    handlebars_assets (0.14.1)
      execjs (>= 1.2.9)
      sprockets (>= 2.0.3)
      tilt
    has_scope (0.6.0.rc)
      actionpack (>= 3.2, < 5)
      activesupport (>= 3.2, < 5)
    hashie (2.0.5)
    hike (1.2.3)
    hirb (0.7.1)
    hirb-colors (0.0.1)
      hirb (~> 0.5)
    hirb-unicode (0.0.5)
      hirb (~> 0.5)
      unicode-display_width (~> 0.1.1)
    hoe (3.3.1)
      rake (>= 0.8, < 11.0)
    htmlentities (4.3.1)
    http_parser.rb (0.5.3)
    httparty (0.10.2)
      multi_json (~> 1.0)
      multi_xml (>= 0.5.2)
    httpi (1.1.1)
      rack
    i18n (0.6.9)
    inherited_resources (1.4.1)
      has_scope (~> 0.6.0.rc)
      responders (~> 1.0.0.rc)
    interception (0.3)
    journey (1.0.4)
    jquery-rails (2.1.4)
      railties (>= 3.0, < 5.0)
      thor (>= 0.14, < 2.0)
    json (1.8.1)
    jwt (0.1.11)
      multi_json (>= 1.5)
    kgio (2.8.1)
    launchy (2.3.0)
      addressable (~> 2.3)
    listen (0.7.2)
    lumberjack (1.0.2)
    macaddr (1.6.1)
      systemu (~> 2.5.0)
    machinist (2.0)
    magic_encoding (0.0.2)
    mail (2.5.4)
      mime-types (~> 1.16)
      treetop (~> 1.4.8)
    mailtrap (0.2.1)
      daemons (>= 1.0.8)
      hoe (>= 1.3.0)
      trollop (>= 1.7)
    meta_request (0.2.8)
      callsite
      rack-contrib
      railties
    meta_search (1.1.3)
      actionpack (~> 3.1)
      activerecord (~> 3.1)
      activesupport (~> 3.1)
      polyamorous (~> 0.5.0)
    metaclass (0.0.1)
    method_source (0.8.1)
    mime-types (1.25.1)
    mocha (0.13.2)
      metaclass (~> 0.0.1)
    mono_logger (1.0.1)
    multi_json (1.9.2)
    multi_xml (0.5.4)
    multipart-post (2.0.0)
    natural_time (0.1.0)
      activesupport
      natural_time
    net-sftp (2.0.5)
      net-ssh (>= 2.0.9)
    net-ssh (2.6.2)
    newrelic_rpm (3.7.3.204)
    nickel (0.0.6)
    nokogiri (1.5.11)
    nori (1.1.5)
    notification_client (0.0.3)
      app (~> 1.0.3)
      httparty (~> 0.8)
    orm_adapter (0.4.0)
    paint (0.8.6)
    pg (0.17.1)
    poltergeist (1.0.2)
      capybara (~> 1.1)
      childprocess (~> 0.3)
      faye-websocket (~> 0.4, >= 0.4.4)
      http_parser.rb (~> 0.5.3)
      multi_json (~> 1.0)
    polyamorous (0.5.0)
      activerecord (~> 3.0)
    polyglot (0.3.4)
    progressions-g (1.3.1)
      ruby-growl (>= 1.0.1)
    pry (0.9.12.2)
      coderay (~> 1.0.5)
      method_source (~> 0.8)
      slop (~> 3.4)
    pry-rails (0.3.2)
      pry (>= 0.9.10)
    pry-rescue (1.1.1)
      interception (>= 0.3)
      pry
    pry-stack_explorer (0.4.9.1)
      binding_of_caller (>= 0.7)
      pry (>= 0.9.11)
    quiet_assets (1.0.2)
      railties (>= 3.1, < 5.0)
    rack (1.4.5)
    rack-accept (0.4.5)
      rack (>= 0.4)
    rack-cache (1.2)
      rack (>= 0.4)
    rack-contrib (1.1.0)
      rack (>= 0.9.1)
    rack-livereload (0.3.11)
      rack
    rack-mount (0.8.3)
      rack (>= 1.0.0)
    rack-ssl (1.3.3)
      rack
    rack-test (0.6.2)
      rack (>= 1.0)
    rails (3.2.17)
      actionmailer (= 3.2.17)
      actionpack (= 3.2.17)
      activerecord (= 3.2.17)
      activeresource (= 3.2.17)
      activesupport (= 3.2.17)
      bundler (~> 1.0)
      railties (= 3.2.17)
    railties (3.2.17)
      actionpack (= 3.2.17)
      activesupport (= 3.2.17)
      rack-ssl (~> 1.3.2)
      rake (>= 0.8.7)
      rdoc (~> 3.4)
      thor (>= 0.14.6, < 2.0)
    raindrops (0.12.0)
    rake (10.1.1)
    rb-fsevent (0.9.3)
    rdoc (3.12.2)
      json (~> 1.4)
    redis (3.0.3)
    redis-namespace (1.2.1)
      redis (~> 3.0.0)
    request_store (1.0.5)
    responders (1.0.0)
      railties (>= 3.2, < 5)
    resque-rollbar (0.0.4)
      resque
      rollbar (~> 0.8)
    resque_spec (0.14.4)
      resque (>= 1.19.0)
      rspec-core (>= 2.5.0)
      rspec-expectations (>= 2.5.0)
      rspec-mocks (>= 2.5.0)
    rollbar (0.12.15)
      multi_json (~> 1.3)
    rpm_contrib (2.1.11)
      newrelic_rpm (>= 3.1.1)
      newrelic_rpm (>= 3.1.1)
    rspec (2.12.0)
      rspec-core (~> 2.12.0)
      rspec-expectations (~> 2.12.0)
      rspec-mocks (~> 2.12.0)
    rspec-core (2.12.2)
    rspec-expectations (2.12.1)
      diff-lcs (~> 1.1.3)
    rspec-mocks (2.12.2)
    rspec-rails (2.12.2)
      actionpack (>= 3.0)
      activesupport (>= 3.0)
      railties (>= 3.0)
      rspec-core (~> 2.12.0)
      rspec-expectations (~> 2.12.0)
      rspec-mocks (~> 2.12.0)
    ruby-growl (4.0)
      uuid (~> 2.3, >= 2.3.5)
    ruby-hmac (0.4.0)
    rubyzip (1.1.0)
    safe_yaml (0.9.5)
    sass (3.2.12)
    sass-rails (3.2.6)
      railties (~> 3.2.0)
      sass (>= 3.1.10)
      tilt (~> 1.3)
    savon (1.2.0)
      akami (~> 1.2.0)
      builder (>= 2.1.2)
      gyoku (~> 0.4.5)
      httpi (~> 1.1.0)
      nokogiri (>= 1.4.0)
      nori (~> 1.1.0)
      wasabi (~> 2.5.0)
    selenium-client (1.2.18)
    selenium-webdriver (2.39.0)
      childprocess (>= 0.2.5)
      multi_json (~> 1.0)
      rubyzip (~> 1.0)
      websocket (~> 1.0.4)
    sham_rack (1.3.4)
      rack
    shoulda (3.5.0)
      shoulda-context (~> 1.0, >= 1.0.1)
      shoulda-matchers (>= 1.4.1, < 3.0)
    shoulda-context (1.1.5)
    shoulda-matchers (2.2.0)
      activesupport (>= 3.0.0)
    signet (0.5.0)
      addressable (>= 2.2.3)
      faraday (>= 0.9.0.rc5)
      jwt (>= 0.1.5)
      multi_json (>= 1.0.0)
    simplecov (0.8.2)
      docile (~> 1.1.0)
      multi_json
      simplecov-html (~> 0.8.0)
    simplecov-html (0.8.0)
    slop (3.4.5)
    spork (1.0.0rc4)
    sprockets (2.2.2)
      hike (~> 1.2)
      multi_json (~> 1.0)
      rack (~> 1.0)
      tilt (~> 1.1, != 1.3.0)
    sql-logging (3.0.8)
      rails (> 3.0.0)
    squeel (1.0.18)
      activerecord (~> 3.0)
      activesupport (~> 3.0)
      polyamorous (~> 0.5.0)
    systemu (2.5.2)
    terminal-table (1.4.5)
    thin (1.6.1)
      daemons (>= 1.0.9)
      eventmachine (>= 1.0.0)
      rack (>= 1.0.0)
    thor (0.18.1)
    tilt (1.4.1)
    timecop (0.6.3)
    timeliness (0.3.7)
    timer (0.1.6)
      activesupport
      natural_time
      natural_time
      progressions-g
      progressions-g
      rspec
      ruby-growl
      ruby-growl
      timecop
    treetop (1.4.15)
      polyglot
      polyglot (>= 0.3.1)
    trollop (2.0)
    tzinfo (0.3.38)
    uglifier (1.3.0)
      execjs (>= 0.3.0)
      multi_json (~> 1.0, >= 1.0.2)
    unicode-display_width (0.1.1)
    unicorn (4.7.0)
      kgio (~> 2.6)
      rack
      raindrops (~> 0.7)
    uuid (2.3.6)
      macaddr (~> 1.0)
    validates_timeliness (3.0.14)
      timeliness (~> 0.3.6)
    valium (0.5.0)
      activerecord (>= 3.0.2)
    vcr (2.5.0)
    virtus (0.5.5)
      backports (~> 3.3)
      descendants_tracker (~> 0.0.1)
    warden (1.2.3)
      rack (>= 1.0)
    wasabi (2.5.1)
      httpi (~> 1.0)
      nokogiri (>= 1.4.0)
    webmock (1.8.11)
      addressable (>= 2.2.7)
      crack (>= 0.1.7)
    websocket (1.0.7)
    will_paginate (3.0.5)
    wirb (1.0.2)
      paint
    xml-simple (1.1.2)
    xpath (0.1.4)
      nokogiri (~> 1.3)
    yard (0.8.7.3)

PLATFORMS
  ruby

DEPENDENCIES
  active_model_serializers
  activerecord-import (~> 0.3.1)
  acts_as_list (~> 0.3.0)
  ancestry (~> 1.3.0)
  app (~> 1.0.3)
  asset_sync (~> 0.5.4)
  awesome_print
  aws-s3 (~> 0.6.3)
  aws-ses (~> 0.4.4)
  better_errors (~> 1.0.1)
  binding_of_caller (~> 0.7.2)
  browser (~> 0.1.5)
  cabinet (~> 0.2.2)
  cancan (~> 1.6.10)
  capybara (~> 1.1.4)
  capybara-firebug (~> 1.3.0)
  capybara-webkit (~> 0.12.0)
  codeclimate-test-reporter (~> 0.3.0)
  coffee-rails (~> 3.2.1)
  data_migrate (~> 1.2.0)!
  database_cleaner (~> 0.9.1)
  devise (~> 2.2.6)
  devise_invitable (~> 1.1.8)
  dotiw (~> 1.1.1)
  draper (~> 1.3.0)
  excon (= 0.7.4)
  ey-provisioner (>= 1.0.1)
  ey_config
  factory_girl_rails (~> 4.2.1)
  feed_proxy_client (= 0.1.0)
  forgery (~> 0.5.0)
  google-adwords-api (~> 0.11.1)
  grape (~> 0.5.0)
  grape-entity (~> 0.3.0)
  grape-entity-matchers (= 0.0.3)
  gravtastic (~> 3.2.6)
  guard-jasmine
  guard-livereload
  guard-rspec
  guard-spork
  haml (~> 3.1.7)
  haml-rails (~> 0.4.0)
  hamlbars (~> 2.0)
  handlebars_assets (~> 0.14.1)
  hirb-colors
  hirb-unicode
  htmlentities (~> 4.3.1)
  httparty (~> 0.10.0)
  inherited_resources (~> 1.4.1)
  jasminerice (~> 0.1.0)!
  jquery-datatables-rails!
  jquery-rails (~> 2.1.4)
  launchy (~> 2.3.0)
  machinist (~> 2.0)
  magic_encoding (~> 0.0.2)
  mailtrap (~> 0.2.1)
  meta_request (= 0.2.8)
  meta_search (~> 1.1.3)
  mocha (~> 0.13.2)
  navigasmic!
  net-sftp (~> 2.0.5)
  newrelic_rpm (~> 3.7.3.204)
  nickel (~> 0.0.6)
  nokogiri (~> 1.5.6)
  notification_client
  pg (>= 0.17.1)
  poltergeist
  pry (~> 0.9.12.2)
  pry-rails (~> 0.3.2)
  pry-rescue (~> 1.1.1)
  pry-stack_explorer (~> 0.4.9.1)
  quiet_assets (~> 1.0.2)
  rack-livereload
  rails (= 3.2.17)
  rake (~> 10.1.1)
  rb-fsevent
  resque!
  resque-rollbar (~> 0.0.4)
  resque_spec (~> 0.14.4)
  rollbar (~> 0.12.15)
  rpm_contrib (~> 2.1.11)
  rspec-rails (>= 2.12.0)
  sass-rails (~> 3.2.6)
  savon (~> 1.2.0)
  selenium-client (~> 1.2.18)
  selenium-webdriver (= 2.39.0)
  settingcrazy (~> 0.1.11)!
  sham_rack (~> 1.3.4)
  shoulda (~> 3.5.0)
  spork-rails!
  sql-logging
  squeel (~> 1.0.18)
  thin (~> 1.6.1)
  timecop (~> 0.6.3)
  timer (~> 0.1.6)
  uglifier (>= 1.0.3)
  unicorn (~> 4.7.0)
  validates_timeliness (~> 3.0)
  valium (~> 0.5.0)
  vcr (~> 2.5.0)
  webmock (~> 1.8.0)
  will_paginate (~> 3.0.5)
  wirb
  yard (~> 0.8.7.3)
