GIT
  remote: git://github.com/doublewide/data-migrate.git
  revision: 972cedae91e035578b0141b1ac28c2730b07fcdc
  specs:
    data_migrate (1.2.0)
      rails (>= 3.0.0, < 3.3)

GIT
  remote: git://github.com/resque/resque.git
  revision: 7c20cc5972cba44aca0878580ef284bb75246b67
  ref: 7c20cc5972cba44aca0878580ef284bb75246b67
  specs:
    resque (2.0.0.pre.1)
      json
      mono_logger (~> 1.0)
      redis-namespace (~> 1.0)
      thor (~> 0.17)

GIT
  remote: https://github.com/echannel/settingcrazy.git
  revision: b1653b52a24708914e36ae07100d16189cfa93f2
  specs:
    settingcrazy (0.1.11)

GEM
  remote: http://rubygems.org/
  remote: https://gems.gemfury.com/fHtphqCq9zLeDRvssKD4/
  specs:
    actionmailer (3.2.14)
      actionpack (= 3.2.14)
      mail (~> 2.5.4)
    actionpack (3.2.14)
      activemodel (= 3.2.14)
      activesupport (= 3.2.14)
      builder (~> 3.0.0)
      erubis (~> 2.7.0)
      journey (~> 1.0.4)
      rack (~> 1.4.5)
      rack-cache (~> 1.2)
      rack-test (~> 0.6.1)
      sprockets (~> 2.2.1)
    activemodel (3.2.14)
      activesupport (= 3.2.14)
      builder (~> 3.0.0)
    activerecord (3.2.14)
      activemodel (= 3.2.14)
      activesupport (= 3.2.14)
      arel (~> 3.0.2)
      tzinfo (~> 0.3.29)
    activerecord-import (0.2.11)
      activerecord (~> 3.0)
      activerecord (~> 3.0)
    activeresource (3.2.14)
      activemodel (= 3.2.14)
      activesupport (= 3.2.14)
    activesupport (3.2.14)
      i18n (~> 0.6, >= 0.6.4)
      multi_json (~> 1.0)
    acts_as_list (0.2.0)
      activerecord (>= 3.0)
    addressable (2.3.3)
    airbrake (3.1.12)
      activesupport
      builder
      json
    akami (1.2.0)
      gyoku (>= 0.4.0)
      nokogiri (>= 1.4.0)
    ancestry (1.3.0)
      activerecord (>= 2.3.14)
    app (1.0.3)
    arel (3.0.2)
    asset_sync (0.5.4)
      activemodel
      fog
    aws-s3 (0.6.3)
      builder
      mime-types
      xml-simple
    aws-ses (0.4.4)
      builder
      mail (> 2.2.5)
      mime-types
      xml-simple
    bcrypt-ruby (3.0.1)
    better_errors (0.7.2)
      coderay (>= 1.0.0)
      erubis (>= 2.6.6)
    binding_of_caller (0.7.1)
      debug_inspector (>= 0.0.1)
    browser (0.1.5)
    builder (3.0.4)
    cabinet (0.2.1)
      fog (~> 0.8.2)
    cancan (1.6.8)
    capybara (1.1.4)
      mime-types (>= 1.16)
      nokogiri (>= 1.3.3)
      rack (>= 1.0.0)
      rack-test (>= 0.5.4)
      selenium-webdriver (~> 2.0)
      xpath (~> 0.1.4)
    capybara-firebug (1.3.0)
      capybara (>= 1.0, < 3.0)
    capybara-webkit (0.12.1)
      capybara (>= 1.0.0, < 1.2)
      json
    childprocess (0.3.6)
      ffi (~> 1.0, >= 1.0.6)
    coderay (1.0.9)
    coffee-rails (3.2.2)
      coffee-script (>= 2.2.0)
      railties (~> 3.2.0)
    coffee-script (2.2.0)
      coffee-script-source
      execjs
    coffee-script-source (1.4.0)
    colorize (0.5.8)
    coveralls (0.6.7)
      colorize
      multi_json (~> 1.3)
      rest-client
      simplecov (>= 0.7)
      thor
    daemons (1.1.9)
    database_cleaner (0.9.1)
    debug_inspector (0.0.2)
    devise (2.2.3)
      bcrypt-ruby (~> 3.0)
      orm_adapter (~> 0.1)
      railties (~> 3.1)
      warden (~> 1.2.1)
    devise_invitable (1.1.6)
      actionmailer (~> 3.0)
      devise (>= 2.1.2)
      railties (~> 3.0)
    diff-lcs (1.1.3)
    dotiw (1.1.1)
      actionpack (~> 3)
    draper (0.18.0)
      actionpack (~> 3.2)
      activesupport (~> 3.2)
    em-websocket (0.4.0)
      eventmachine (>= 0.12.9)
      http_parser.rb (~> 0.5.3)
    erubis (2.7.0)
    eventmachine (1.0.0)
    excon (0.6.6)
    execjs (1.4.0)
      multi_json (~> 1.0)
    ey-provisioner (1.0.2)
      activemodel (>= 3.2)
      excon (>= 0.6)
      json
    ey_config (0.0.6)
    factory_girl (4.2.0)
      activesupport (>= 3.0.0)
    factory_girl_rails (4.2.1)
      factory_girl (~> 4.2.0)
      railties (>= 3.0.0)
    fakeweb (1.3.0)
    faye-websocket (0.4.6)
      eventmachine (>= 0.12.0)
    feed_proxy_client (0.0.9)
      activesupport
      app
      httparty
      json
    ffi (1.2.0)
    fog (0.8.2)
      builder
      excon (~> 0.6.1)
      formatador (>= 0.1.3)
      json
      mime-types
      net-ssh (>= 2.1.3)
      nokogiri (>= 1.4.4)
      ruby-hmac
    forgery (0.5.0)
    formatador (0.2.4)
    god (0.13.1)
    gravtastic (3.2.6)
    guard (1.6.2)
      listen (>= 0.6.0)
      lumberjack (>= 1.0.2)
      pry (>= 0.9.10)
      terminal-table (>= 1.4.3)
      thor (>= 0.14.6)
    guard-livereload (1.1.3)
      em-websocket (>= 0.2.0)
      guard (>= 1.5.0)
      multi_json (~> 1.0)
    gyoku (0.4.6)
      builder (>= 2.1.2)
    haml (3.1.7)
    haml-rails (0.3.5)
      actionpack (>= 3.1, < 4.1)
      activesupport (>= 3.1, < 4.1)
      haml (~> 3.1)
      railties (>= 3.1, < 4.1)
    has_scope (0.5.1)
    hike (1.2.3)
    hirb (0.7.0)
    hoe (3.3.1)
      rake (>= 0.8, < 11.0)
    htmlentities (4.3.1)
    http_parser.rb (0.5.3)
    httparty (0.10.2)
      multi_json (~> 1.0)
      multi_xml (>= 0.5.2)
    httpi (1.1.1)
      rack
    i18n (0.6.4)
    inherited_resources (1.4.0)
      has_scope (~> 0.5.0)
      responders (~> 0.9)
    interception (0.3)
    journey (1.0.4)
    jquery-rails (2.1.4)
      railties (>= 3.0, < 5.0)
      thor (>= 0.14, < 2.0)
    json (1.8.0)
    kgio (2.7.4)
    launchy (2.1.2)
      addressable (~> 2.3)
    listen (0.7.2)
    lumberjack (1.0.2)
    macaddr (1.6.1)
      systemu (~> 2.5.0)
    machinist (2.0)
    magic_encoding (0.0.2)
    mail (2.5.4)
      mime-types (~> 1.16)
      treetop (~> 1.4.8)
    mailtrap (0.2.1)
      daemons (>= 1.0.8)
      hoe (>= 1.3.0)
      trollop (>= 1.7)
    meta_request (0.2.1)
      rack-contrib
      rails
    meta_search (1.1.3)
      actionpack (~> 3.1)
      activerecord (~> 3.1)
      activesupport (~> 3.1)
      polyamorous (~> 0.5.0)
    metaclass (0.0.1)
    method_source (0.8.1)
    mime-types (1.23)
    mocha (0.13.2)
      metaclass (~> 0.0.1)
    mono_logger (1.0.1)
    multi_json (1.5.1)
    multi_xml (0.5.4)
    natural_time (0.1.0)
      activesupport
      natural_time
    navigasmic (1.0.4)
      railties (~> 3.2)
    net-sftp (2.0.5)
      net-ssh (>= 2.0.9)
    net-ssh (2.6.2)
    newrelic_rpm (3.5.3.25)
    nickel (0.0.6)
    nokogiri (1.5.6)
    nori (1.1.3)
    notification_client (0.0.3)
      app (~> 1.0.3)
      httparty (~> 0.8)
    orm_adapter (0.4.0)
    pg (0.14.1)
    poltergeist (1.0.2)
      capybara (~> 1.1)
      childprocess (~> 0.3)
      faye-websocket (~> 0.4, >= 0.4.4)
      http_parser.rb (~> 0.5.3)
      multi_json (~> 1.0)
    polyamorous (0.5.0)
      activerecord (~> 3.0)
    polyglot (0.3.3)
    progressions-g (1.3.1)
      ruby-growl (>= 1.0.1)
    pry (0.9.12.2)
      coderay (~> 1.0.5)
      method_source (~> 0.8)
      slop (~> 3.4)
    pry-rails (0.3.0)
      pry (>= 0.9.10)
    pry-rescue (1.1.1)
      interception (>= 0.3)
      pry
    pry-stack_explorer (0.4.9)
      binding_of_caller (>= 0.7)
      pry (~> 0.9.11)
    quiet_assets (1.0.1)
      railties (~> 3.1)
    rack (1.4.5)
    rack-cache (1.2)
      rack (>= 0.4)
    rack-contrib (1.1.0)
      rack (>= 0.9.1)
    rack-livereload (0.3.11)
      rack
    rack-ssl (1.3.3)
      rack
    rack-test (0.6.2)
      rack (>= 1.0)
    rails (3.2.14)
      actionmailer (= 3.2.14)
      actionpack (= 3.2.14)
      activerecord (= 3.2.14)
      activeresource (= 3.2.14)
      activesupport (= 3.2.14)
      bundler (~> 1.0)
      railties (= 3.2.14)
    railties (3.2.14)
      actionpack (= 3.2.14)
      activesupport (= 3.2.14)
      rack-ssl (~> 1.3.2)
      rake (>= 0.8.7)
      rdoc (~> 3.4)
      thor (>= 0.14.6, < 2.0)
    raindrops (0.10.0)
    rake (0.9.6)
    rb-fsevent (0.9.3)
    rdoc (3.12.2)
      json (~> 1.4)
    redis (3.0.3)
    redis-namespace (1.2.1)
      redis (~> 3.0.0)
    responders (0.9.3)
      railties (~> 3.1)
    resque_spec (0.13.0)
      resque (>= 1.19.0)
      rspec (>= 2.5.0)
    rest-client (1.6.7)
      mime-types (>= 1.16)
    rpm_contrib (2.1.11)
      newrelic_rpm (>= 3.1.1)
      newrelic_rpm (>= 3.1.1)
    rspec (2.12.0)
      rspec-core (~> 2.12.0)
      rspec-expectations (~> 2.12.0)
      rspec-mocks (~> 2.12.0)
    rspec-core (2.12.2)
    rspec-expectations (2.12.1)
      diff-lcs (~> 1.1.3)
    rspec-mocks (2.12.2)
    rspec-rails (2.12.2)
      actionpack (>= 3.0)
      activesupport (>= 3.0)
      railties (>= 3.0)
      rspec-core (~> 2.12.0)
      rspec-expectations (~> 2.12.0)
      rspec-mocks (~> 2.12.0)
    ruby-growl (4.0)
      uuid (~> 2.3, >= 2.3.5)
    ruby-hmac (0.4.0)
    rubyzip (0.9.9)
    sass (3.2.3)
    sass-rails (3.2.5)
      railties (~> 3.2.0)
      sass (>= 3.1.10)
      tilt (~> 1.3)
    savon (1.2.0)
      akami (~> 1.2.0)
      builder (>= 2.1.2)
      gyoku (~> 0.4.5)
      httpi (~> 1.1.0)
      nokogiri (>= 1.4.0)
      nori (~> 1.1.0)
      wasabi (~> 2.5.0)
    selenium-client (1.2.18)
    selenium-webdriver (2.31.0)
      childprocess (>= 0.2.5)
      multi_json (~> 1.0)
      rubyzip
      websocket (~> 1.0.4)
    sham_rack (1.3.4)
      rack
    shoulda (3.3.2)
      shoulda-context (~> 1.0.1)
      shoulda-matchers (~> 1.4.1)
    shoulda-context (1.0.1)
    shoulda-matchers (1.4.1)
      activesupport (>= 3.0.0)
    simplecov (0.7.1)
      multi_json (~> 1.0)
      simplecov-html (~> 0.7.1)
    simplecov-html (0.7.1)
    slop (3.4.5)
    spork (0.9.2)
    sprockets (2.2.2)
      hike (~> 1.2)
      multi_json (~> 1.0)
      rack (~> 1.0)
      tilt (~> 1.1, != 1.3.0)
    sql-logging (3.0.8)
      rails (> 3.0.0)
    squeel (1.0.18)
      activerecord (~> 3.0)
      activesupport (~> 3.0)
      polyamorous (~> 0.5.0)
    systemu (2.5.2)
    terminal-table (1.4.5)
    thin (1.5.0)
      daemons (>= 1.0.9)
      eventmachine (>= 0.12.6)
      rack (>= 1.0.0)
    thor (0.18.1)
    tilt (1.4.1)
    timecop (0.6.2.2)
    timer (0.1.6)
      activesupport
      natural_time
      natural_time
      progressions-g
      progressions-g
      rspec
      ruby-growl
      ruby-growl
      timecop
    treetop (1.4.14)
      polyglot
      polyglot (>= 0.3.1)
    trollop (2.0)
    tzinfo (0.3.37)
    uglifier (1.3.0)
      execjs (>= 0.3.0)
      multi_json (~> 1.0, >= 1.0.2)
    unicorn (4.5.0)
      kgio (~> 2.6)
      rack
      raindrops (~> 0.7)
    uuid (2.3.6)
      macaddr (~> 1.0)
    valium (0.5.0)
      activerecord (>= 3.0.2)
    vcr (2.3.0)
    warden (1.2.1)
      rack (>= 1.0)
    wasabi (2.5.1)
      httpi (~> 1.0)
      nokogiri (>= 1.4.0)
    websocket (1.0.7)
    will_paginate (3.0.3)
    xml-simple (1.1.2)
    xpath (0.1.4)
      nokogiri (~> 1.3)
    yard (0.8.3)

PLATFORMS
  ruby

DEPENDENCIES
  activerecord-import (~> 0.2.11)
  acts_as_list (~> 0.2.0)
  airbrake
  ancestry (~> 1.3.0)
  app (~> 1.0.3)
  asset_sync (~> 0.5.4)
  aws-s3 (~> 0.6.3)
  aws-ses (~> 0.4.4)
  better_errors (~> 0.7.2)
  binding_of_caller (~> 0.7.1)
  browser (~> 0.1.5)
  cabinet
  cancan (~> 1.6.8)
  capybara (~> 1.1.4)
  capybara-firebug (~> 1.3.0)
  capybara-webkit (~> 0.12.0)
  coffee-rails (~> 3.2.1)
  coveralls
  data_migrate (~> 1.2.0)!
  database_cleaner (~> 0.9.1)
  devise (~> 2.2.3)
  devise_invitable (~> 1.1.6)
  dotiw (~> 1.1.1)
  draper (~> 0.18.0)
  excon (= 0.6.6)
  ey-provisioner (>= 1.0.1)
  ey_config
  factory_girl_rails (~> 4.2.1)
  fakeweb (~> 1.3.0)
  feed_proxy_client (= 0.0.9)
  forgery (~> 0.5.0)
  god (~> 0.13.1)
  gravtastic (~> 3.2.6)
  guard-livereload
  haml (~> 3.1.7)
  haml-rails (~> 0.3.5)
  hirb (~> 0.7.0)
  htmlentities (~> 4.3.1)
  httparty (~> 0.10.0)
  inherited_resources (~> 1.4.0)
  jquery-rails (~> 2.1.4)
  launchy (~> 2.1.2)
  machinist (~> 2.0)
  magic_encoding (~> 0.0.2)
  mailtrap (~> 0.2.1)
  meta_request (= 0.2.1)
  meta_search (~> 1.1.3)
  mocha (~> 0.13.2)
  multi_json (~> 1.5.0)
  navigasmic (~> 1.0.4)
  net-sftp (~> 2.0.5)
  newrelic_rpm (~> 3.5.3)
  nickel (~> 0.0.6)
  nokogiri (~> 1.5.6)
  notification_client
  pg (>= 0.11.0)
  poltergeist
  pry (~> 0.9.12.2)
  pry-rails (~> 0.3.0)
  pry-rescue (~> 1.1.1)
  pry-stack_explorer (~> 0.4.9)
  quiet_assets (~> 1.0.1)
  rack-livereload
  rails (= 3.2.14)
  rake (~> 0.9.2)
  rb-fsevent
  resque!
  resque_spec (~> 0.13)
  rpm_contrib (~> 2.1.4)
  rspec-rails (>= 2.12.0)
  rubyzip (~> 0.9.9)
  sass-rails (~> 3.2.3)
  savon (~> 1.2.0)
  selenium-client (~> 1.2.18)
  selenium-webdriver (= 2.31.0)
  settingcrazy (~> 0.1.11)!
  sham_rack (~> 1.3.4)
  shoulda (~> 3.3.2)
  simplecov
  spork (~> 0.9.2)
  sql-logging
  squeel (~> 1.0.18)
  thin (~> 1.5.0)
  timecop (~> 0.6.2.2)
  timer (~> 0.1.6)
  uglifier (>= 1.0.3)
  unicorn (~> 4.5.0)
  valium (~> 0.5.0)
  vcr (~> 2.3.0)
  will_paginate (~> 3.0.3)
  yard (~> 0.8.3)
